GIT
  remote: https://github.com/ytkg/hitoku.git
  revision: eb50b0a514a25bbc00406e451741d77962c0dc70
  specs:
    hitoku (0.1.0)
      activesupport

GIT
  remote: https://github.com/ytkg/todoist_cms.git
  revision: 9f2dbbb69c02cb90ea89a5b3c95b4c37611f03d7
  specs:
    todoist_cms (0.1.0)
      faraday

GEM
  remote: https://rubygems.org/
  specs:
    activesupport (8.0.1)
      base64
      benchmark (>= 0.3)
      bigdecimal
      concurrent-ruby (~> 1.0, >= 1.3.1)
      connection_pool (>= 2.2.5)
      drb
      i18n (>= 1.6, < 2)
      logger (>= 1.4.2)
      minitest (>= 5.1)
      securerandom (>= 0.3)
      tzinfo (~> 2.0, >= 2.0.5)
      uri (>= 0.13.1)
    addressable (2.8.7)
      public_suffix (>= 2.0.2, < 7.0)
    base64 (0.2.0)
    benchmark (0.4.0)
    bigdecimal (3.1.8)
    concurrent-ruby (1.3.4)
    connection_pool (2.4.1)
    crack (1.0.0)
      bigdecimal
      rexml
    diff-lcs (1.6.2)
    drb (2.2.1)
    ethon (0.16.0)
      ffi (>= 1.15.0)
    faraday (2.12.2)
      faraday-net_http (>= 2.0, < 3.5)
      json
      logger
    faraday-net_http (3.4.0)
      net-http (>= 0.5.0)
    faraday-typhoeus (1.1.0)
      faraday (~> 2.0)
      typhoeus (~> 1.4)
    ffi (1.17.2)
    ffi (1.17.2-x86_64-darwin)
    hashdiff (1.2.0)
    i18n (1.14.6)
      concurrent-ruby (~> 1.0)
    json (2.9.0)
    logger (1.6.3)
    minitest (5.25.4)
    net-http (0.6.0)
      uri
    public_suffix (6.0.2)
    rake (13.3.0)
    rexml (3.4.1)
    rspec (3.13.1)
      rspec-core (~> 3.13.0)
      rspec-expectations (~> 3.13.0)
      rspec-mocks (~> 3.13.0)
    rspec-core (3.13.5)
      rspec-support (~> 3.13.0)
    rspec-expectations (3.13.5)
      diff-lcs (>= 1.2.0, < 2.0)
      rspec-support (~> 3.13.0)
    rspec-mocks (3.13.5)
      diff-lcs (>= 1.2.0, < 2.0)
      rspec-support (~> 3.13.0)
    rspec-support (3.13.4)
    ruby-ambient (0.1.0)
    securerandom (0.4.0)
    switchbot (0.8.0)
      activesupport
      faraday (>= 2.0.0)
      faraday-typhoeus
    typhoeus (1.4.1)
      ethon (>= 0.9.0)
    tzinfo (2.0.6)
      concurrent-ruby (~> 1.0)
    uri (1.0.2)
    webmock (3.25.1)
      addressable (>= 2.8.0)
      crack (>= 0.3.2)
      hashdiff (>= 0.4.0, < 2.0.0)

PLATFORMS
  ruby
  x86_64-darwin-23

DEPENDENCIES
  hitoku!
  rake
  rspec
  ruby-ambient
  switchbot
  todoist_cms!
  webmock

BUNDLED WITH
   2.5.16
