GIT
  remote: https://github.com/ytkg/hitoku.git
  revision: eb50b0a514a25bbc00406e451741d77962c0dc70
  specs:
    hitoku (0.1.0)
      activesupport

GIT
  remote: https://github.com/ytkg/todoist_cms.git
  revision: 9f2dbbb69c02cb90ea89a5b3c95b4c37611f03d7
  specs:
    todoist_cms (0.1.0)
      faraday

GEM
  remote: https://rubygems.org/
  specs:
    activesupport (8.0.1)
      base64
      benchmark (>= 0.3)
      bigdecimal
      concurrent-ruby (~> 1.0, >= 1.3.1)
      connection_pool (>= 2.2.5)
      drb
      i18n (>= 1.6, < 2)
      logger (>= 1.4.2)
      minitest (>= 5.1)
      securerandom (>= 0.3)
      tzinfo (~> 2.0, >= 2.0.5)
      uri (>= 0.13.1)
    base64 (0.2.0)
    benchmark (0.4.0)
    bigdecimal (3.1.8)
    concurrent-ruby (1.3.4)
    connection_pool (2.4.1)
    drb (2.2.1)
    ethon (0.16.0)
      ffi (>= 1.15.0)
    faraday (2.12.2)
      faraday-net_http (>= 2.0, < 3.5)
      json
      logger
    faraday-net_http (3.4.0)
      net-http (>= 0.5.0)
    faraday-typhoeus (1.1.0)
      faraday (~> 2.0)
      typhoeus (~> 1.4)
    ffi (1.17.0)
    ffi (1.17.0-x86_64-darwin)
    i18n (1.14.6)
      concurrent-ruby (~> 1.0)
    json (2.9.0)
    logger (1.6.3)
    minitest (5.25.4)
    net-http (0.6.0)
      uri
    rake (13.2.1)
    securerandom (0.4.0)
    switchbot (0.8.0)
      activesupport
      faraday (>= 2.0.0)
      faraday-typhoeus
    typhoeus (1.4.1)
      ethon (>= 0.9.0)
    tzinfo (2.0.6)
      concurrent-ruby (~> 1.0)
    uri (1.0.2)

PLATFORMS
  ruby
  x86_64-darwin-23

DEPENDENCIES
  hitoku!
  rake
  switchbot
  todoist_cms!

BUNDLED WITH
   2.5.16
